PATH
  remote: .
  specs:
    ri_cal (0.9.2)

GEM
  remote: http://rubygems.org/
  specs:
    diff-lcs (1.1.3)
    rspec (2.10.0)
      rspec-core (~> 2.10.0)
      rspec-expectations (~> 2.10.0)
      rspec-mocks (~> 2.10.0)
    rspec-core (2.10.0)
    rspec-expectations (2.10.0)
      diff-lcs (~> 1.1.3)
    rspec-mocks (2.10.1)
    tzinfo (0.3.33)

PLATFORMS
  ruby

DEPENDENCIES
  ri_cal!
  rspec
  tzinfo
