PATH
  remote: .
  specs:
    ri_cal (0.9.4)

GEM
  remote: http://rubygems.org/
  specs:
    atomic (1.1.14)
    diff-lcs (1.2.4)
    rspec (2.14.1)
      rspec-core (~> 2.14.0)
      rspec-expectations (~> 2.14.0)
      rspec-mocks (~> 2.14.0)
    rspec-core (2.14.5)
    rspec-expectations (2.14.3)
      diff-lcs (>= 1.1.3, < 2.0)
    rspec-mocks (2.14.3)
    thread_safe (0.1.3)
      atomic
    tzinfo (1.1.0)
      thread_safe (~> 0.1)

PLATFORMS
  ruby

DEPENDENCIES
  ri_cal!
  rspec
  tzinfo
